GIT
  remote: git://github.com/logankoester/pusher-client.git
  revision: 3d38c8bc6d85602f51a148c003eafb0dbdbeae3b
  specs:
    pusher-client (0.2.1)
      libwebsocket (~> 0.1.0)

GEM
  remote: http://rubygems.org/
  specs:
    addressable (2.2.8)
    json (1.7.3)
    libwebsocket (0.1.3)
      addressable
    ruby-hmac (0.4.0)

PLATFORMS
  ruby

DEPENDENCIES
  json
  pusher-client!
  ruby-hmac
